GEM
  remote: https://rubygems.org/
  specs:
    mustermann (2.0.2)
      ruby2_keywords (~> 0.0.1)
    rack (2.2.4)
    rack-protection (2.2.3)
      rack
    ruby2_keywords (0.0.5)
    sinatra (2.2.3)
      mustermann (~> 2.0)
      rack (~> 2.2)
      rack-protection (= 2.2.3)
      tilt (~> 2.0)
    tilt (2.0.11)

PLATFORMS
  universal-java-1.8
  x86_64-linux

DEPENDENCIES
  sinatra

RUBY VERSION
   ruby 2.6.8p0 (jruby 9.3.6.0)

BUNDLED WITH
   2.3.16
