GEM
  remote: https://rubygems.org/
  specs:
    colorize (0.8.1)
    webrick (1.7.0)

PLATFORMS
  ruby

DEPENDENCIES
  colorize
  webrick
