GEM
  remote: https://rubygems.org/
  specs:
    mustermann (1.0.3)
    rack (2.0.6)
    rack-protection (2.0.5)
      rack
    sinatra (2.0.5)
      mustermann (~> 1.0)
      rack (~> 2.0)
      rack-protection (= 2.0.5)
      tilt (~> 2.0)
    tilt (2.0.9)
    webrick (1.7.0)

PLATFORMS
  ruby

DEPENDENCIES
  sinatra
  webrick

RUBY VERSION
   ruby 3.1.3p185
