GEM
  remote: https://rubygems.org/
  specs:
    mustermann (3.0.0)
      ruby2_keywords (~> 0.0.1)
    rack (2.2.7)
    rack-protection (3.0.6)
      rack
    ruby2_keywords (0.0.5)
    sinatra (3.0.6)
      mustermann (~> 3.0)
      rack (~> 2.2, >= 2.2.4)
      rack-protection (= 3.0.6)
      tilt (~> 2.0)
    tilt (2.2.0)
    webrick (1.8.1)

PLATFORMS
  universal-java-1.8

DEPENDENCIES
  sinatra
  webrick

RUBY VERSION
   ruby 3.1.4p0 (jruby 9.4.8.0)

BUNDLED WITH
   2.6.5
