GEM
  remote: https://rubygems.org/
  specs:
    bcrypt (3.1.18)
    bson (4.15.0)
    eventmachine (1.2.7)
    mustermann (3.0.0)
      ruby2_keywords (~> 0.0.1)
    mysql2 (0.5.4)
    pg (1.4.5)
    rack (2.2.6.1)
    rack-protection (3.0.5)
      rack
    ruby2_keywords (0.0.5)
    sinatra (3.0.5)
      mustermann (~> 3.0)
      rack (~> 2.2, >= 2.2.4)
      rack-protection (= 3.0.5)
      tilt (~> 2.0)
    tilt (2.0.11)
    webrick (1.7.0)

PLATFORMS
  ruby

DEPENDENCIES
  bcrypt
  bson
  eventmachine
  mysql2
  pg
  sinatra
  webrick

RUBY VERSION
   ruby 3.2.0p0

BUNDLED WITH
   2.4.1
