GEM
  remote: https://rubygems.org/
  specs:
    execjs (2.7.0)
    rack (1.6.5)
    rack-protection (1.5.3)
      rack
    sinatra (1.4.8)
      rack (~> 1.5)
      rack-protection (~> 1.4)
      tilt (>= 1.3, < 3)
    tilt (2.0.6)
    webrick (1.7.0)

PLATFORMS
  ruby

DEPENDENCIES
  execjs
  sinatra
  webrick
